PATH
  remote: .
  specs:
    personnummer (3.0.0)

GEM
  remote: https://rubygems.org/
  specs:
    minitest (5.14.2)
    rake (13.0.1)

PLATFORMS
  ruby

DEPENDENCIES
  minitest
  personnummer!
  rake

BUNDLED WITH
   2.1.4
